NUGET
  remote: https://nuget.org/api/v2
  specs:
    NUnit (2.6.4)
    TickSpec (1.0.1.1)
    TickSpec.NUnit (1.0.0.1)
      NUnit
      TickSpec
