REDIRECTS: ON
NUGET
  remote: https://nuget.org/api/v2
  specs:
    EventStore.Client (3.0.2)
    Exira.ErrorHandling (0.0.2)
      FSharp.Core
    Exira.EventStore (0.0.5)
      EventStore.Client
      FSharp.Core
      FsPickler.Json
    Exira.EventStore.Owin (0.0.3)
      EventStore.Client
      Exira.EventStore
      ExtCore
      FSharp.Core
      Microsoft.Owin
    ExtCore (0.8.45)
    FAKE (3.33.0)
    FSharp.Compiler.Service (0.0.89)
    FSharp.Configuration (0.5.1)
    FSharp.Core (3.1.2.1)
    FSharp.Formatting (2.8.0)
      FSharp.Compiler.Service (>= 0.0.86)
      FSharpVSPowerTools.Core (>= 1.7.0)
    FSharpVSPowerTools.Core (1.7.0)
      FSharp.Compiler.Service (>= 0.0.81)
    FsPickler (1.2.1)
    FsPickler.Json (1.2.1)
      FsPickler (1.2.1)
      Newtonsoft.Json (>= 6.0.5)
    GNaP.WebApi.Versioning (1.0.6.0)
      Microsoft.AspNet.WebApi.Core (>= 5.2.2)
    Microsoft.AspNet.Cors (5.2.3)
    Microsoft.AspNet.WebApi.Client (5.2.3)
      Microsoft.Net.Http (>= 2.2.22) - framework: portable-wp80+win+net45+wp81+wpa81
      Newtonsoft.Json (>= 6.0.4) - framework: portable-wp80+win+net45+wp81+wpa81, >= net45
    Microsoft.AspNet.WebApi.Core (5.2.3)
      Microsoft.AspNet.WebApi.Client (>= 5.2.3)
    Microsoft.AspNet.WebApi.Cors (5.2.3)
      Microsoft.AspNet.Cors (>= 5.2.3)
      Microsoft.AspNet.WebApi.Core (>= 5.2.3 < 5.3.0)
    Microsoft.AspNet.WebApi.Owin (5.2.3)
      Microsoft.AspNet.WebApi.Core (>= 5.2.3 < 5.3.0)
      Microsoft.Owin (>= 2.0.2)
      Owin (>= 1.0)
    Microsoft.Bcl (1.1.10)
      Microsoft.Bcl.Build (>= 1.0.14)
    Microsoft.Bcl.Build (1.0.21)
    Microsoft.Net.Http (2.2.29) - framework: portable-wp80+win+net45+wp81+wpa81
      Microsoft.Bcl (>= 1.1.10)
      Microsoft.Bcl.Build (>= 1.0.14)
    Microsoft.Owin (3.0.1)
      Owin (>= 1.0)
    Microsoft.Owin.Host.SystemWeb (3.0.1)
      Microsoft.Owin (>= 3.0.1)
      Owin (>= 1.0)
    Microsoft.Owin.Security (3.0.1)
      Microsoft.Owin (>= 3.0.1)
      Owin (>= 1.0)
    Microsoft.Owin.Security.Jwt (3.0.1)
      Microsoft.Owin (>= 3.0.1)
      Microsoft.Owin.Security (>= 3.0.1)
      Microsoft.Owin.Security.OAuth (>= 3.0.1)
      Owin (>= 1.0)
      System.IdentityModel.Tokens.Jwt (>= 4.0.0)
    Microsoft.Owin.Security.OAuth (3.0.1)
      Microsoft.Owin (>= 3.0.1)
      Microsoft.Owin.Security (>= 3.0.1)
      Newtonsoft.Json (>= 6.0.4)
      Owin (>= 1.0)
    Newtonsoft.Json (6.0.8)
    NUnit (2.6.4)
    NUnit.Runners (2.6.4)
    Octokit (0.12.0)
      Microsoft.Net.Http
    Owin (1.0)
    SourceLink.Fake (0.5.0)
    System.IdentityModel.Tokens.Jwt (4.0.2.205111437)
    TickSpec (1.0.1.1)
GITHUB
  remote: fsharp/FAKE
  specs:
    modules/Octokit/Octokit.fsx (891840ae812cd0b6bec90e143c653b1c0cc95789)
      Octokit