NUGET
  remote: https://nuget.org/api/v2
  specs:
    TickSpec (1.0.1.1)
    TickSpec.xUnit (1.0.0.1)
      TickSpec
      xunit (>= 1.9.1)
    xunit (1.9.2)
    xunit.runner.visualstudio (0.99.8)
